GEM
  remote: http://rubygems.org/
  specs:
    diff-lcs (1.1.2)
    httparty (0.11.0)
      multi_json (~> 1.0)
      multi_xml (>= 0.5.2)
    jenkins_api_client (0.14.1)
      json
      mixlib-shellout (>= 1.1.0)
      nokogiri (~> 1.5.0)
      terminal-table (>= 1.4.0)
      thor (>= 0.16.0)
    json (1.4.6)
    mixlib-shellout (1.2.0)
    multi_json (1.7.9)
    multi_xml (0.5.3)
    nokogiri (1.5.10)
    rspec (2.0.0)
      rspec-core (= 2.0.0)
      rspec-expectations (= 2.0.0)
      rspec-mocks (= 2.0.0)
    rspec-core (2.0.0)
    rspec-expectations (2.0.0)
      diff-lcs (>= 1.1.2)
    rspec-mocks (2.0.0)
      rspec-core (= 2.0.0)
      rspec-expectations (= 2.0.0)
    terminal-table (1.4.5)
    thor (0.18.1)

PLATFORMS
  ruby

DEPENDENCIES
  httparty
  jenkins_api_client
  rspec
